GEM
  remote: https://rubygems.org/
  specs:
    byebug (11.0.1)
    coderay (1.1.2)
    colorize (0.8.1)
    method_source (0.9.2)
    pry (0.12.2)
      coderay (~> 1.1.0)
      method_source (~> 0.9.0)
    pry-byebug (3.7.0)
      byebug (~> 11.0)
      pry (~> 0.10)
    redis (4.1.1)

PLATFORMS
  ruby

DEPENDENCIES
  colorize
  pry-byebug
  redis

BUNDLED WITH
   2.0.1
